PATH
  remote: .
  specs:
    remote_lock (1.1.0)

GEM
  remote: https://rubygems.org/
  specs:
    coderay (1.0.8)
    diff-lcs (1.1.3)
    json (1.7.5)
    memcache-client (1.8.5)
    method_source (0.8.1)
    pry (0.9.10)
      coderay (~> 1.0.5)
      method_source (~> 0.8)
      slop (~> 3.3.1)
    pry-nav (0.2.2)
      pry (~> 0.9.10)
    rake (10.0.0)
    rdoc (3.12)
      json (~> 1.4)
    redis (3.0.4)
    rspec (2.12.0)
      rspec-core (~> 2.12.0)
      rspec-expectations (~> 2.12.0)
      rspec-mocks (~> 2.12.0)
    rspec-core (2.12.0)
    rspec-expectations (2.12.0)
      diff-lcs (~> 1.1.3)
    rspec-mocks (2.12.0)
    slop (3.3.3)

PLATFORMS
  ruby

DEPENDENCIES
  memcache-client
  pry
  pry-nav
  rake
  rdoc
  redis
  remote_lock!
  rspec
